ObjectType = Image
NDims = 3
BinaryData = True
BinaryDataByteOrderMSB = False
CompressedData = False
TransformMatrix = 1 0 0 0 1 0 0 0 1
Offset = 0 0 0
CenterOfRotation = 0 0 0
ElementSpacing = 0.93945 0.93945 1.25
DimSize =291 108 270
ElementType = MET_USHORT
ElementDataFile =tetniceMoving1
